GIT
  remote: http://github.com/datamapper/dm-active_model.git
  revision: aa8927391fb7db6eadd38d9d7bfbf3d663fd87ac
  branch: master
  specs:
    dm-active_model (1.3.0.beta)
      activemodel (~> 3.0)
      dm-core (~> 1.3.0.beta)

GIT
  remote: http://github.com/datamapper/dm-core.git
  revision: efa363cd9bf11bea6c06b7beb3214d83f1950f05
  branch: master
  specs:
    dm-core (1.3.0.beta)
      addressable (~> 2.2.6)
      virtus (~> 0.5)

GIT
  remote: http://github.com/datamapper/dm-do-adapter.git
  revision: 5b13be7b63b8ff2869fdb8bdbbc68470bead9993
  branch: master
  specs:
    dm-do-adapter (1.3.0.beta)
      data_objects (~> 0.10.6)
      dm-core (~> 1.3.0.beta)

GIT
  remote: http://github.com/datamapper/dm-migrations.git
  revision: 8bfcec08286a12ceee1bc3e5a01da3b5b7d4a74d
  branch: master
  specs:
    dm-migrations (1.3.0.beta)
      dm-core (~> 1.3.0.beta)

GIT
  remote: http://github.com/datamapper/dm-rails.git
  revision: 5f3fb01a9d5f5adb17665a3bdabffd396d722e61
  branch: master
  specs:
    dm-rails (1.3.0.beta)
      actionpack (~> 3.0)
      dm-active_model (~> 1.3.0.beta)
      railties (~> 3.0)

GIT
  remote: http://github.com/datamapper/dm-serializer.git
  revision: 1a61a91cba84861958e0ddd27bfa19bc5364c7aa
  branch: master
  specs:
    dm-serializer (1.3.0.beta)
      dm-core (~> 1.3.0.beta)
      fastercsv (~> 1.5.4)
      multi_json (~> 1.3.2)

GIT
  remote: http://github.com/datamapper/dm-sqlite-adapter.git
  revision: 641cb9bfd761263385097ca9cef8c070f801b3d1
  branch: master
  specs:
    dm-sqlite-adapter (1.3.0.beta)
      dm-do-adapter (~> 1.3.0.beta)
      do_sqlite3 (~> 0.10.6)

GIT
  remote: http://github.com/datamapper/dm-sweatshop.git
  revision: 25d6b2353973df329734801417e31709f6ff7686
  branch: master
  specs:
    dm-sweatshop (1.3.0.beta)
      dm-core (~> 1.3.0.beta)
      randexp (~> 0.1.5)

GIT
  remote: http://github.com/datamapper/dm-timestamps.git
  revision: 70b58b365a29a26af62fc580be6c57b97c2770ca
  branch: master
  specs:
    dm-timestamps (1.3.0.beta)
      dm-core (~> 1.3.0.beta)

GIT
  remote: http://github.com/datamapper/dm-types.git
  revision: 8460ef3d3bd24593a4c8269d62b612feb69f847c
  branch: master
  specs:
    dm-types (1.3.0.beta)
      bcrypt-ruby (~> 3.0.0)
      dm-core (~> 1.3.0.beta)
      fastercsv (~> 1.5.4)
      multi_json (~> 1.3.2)
      stringex (~> 1.4)
      uuidtools (~> 2.1.2)

GIT
  remote: http://github.com/datamapper/dm-validations.git
  revision: 6da3c28c79c68125cc37c9994f106350570b88e3
  branch: master
  specs:
    dm-validations (1.3.0.beta)
      dm-core (~> 1.3.0.beta)

GEM
  remote: https://rubygems.org/
  specs:
    actionmailer (3.2.13)
      actionpack (= 3.2.13)
      mail (~> 2.5.3)
    actionpack (3.2.13)
      activemodel (= 3.2.13)
      activesupport (= 3.2.13)
      builder (~> 3.0.0)
      erubis (~> 2.7.0)
      journey (~> 1.0.4)
      rack (~> 1.4.5)
      rack-cache (~> 1.2)
      rack-test (~> 0.6.1)
      sprockets (~> 2.2.1)
    activemodel (3.2.13)
      activesupport (= 3.2.13)
      builder (~> 3.0.0)
    activerecord (3.2.13)
      activemodel (= 3.2.13)
      activesupport (= 3.2.13)
      arel (~> 3.0.2)
      tzinfo (~> 0.3.29)
    activeresource (3.2.13)
      activemodel (= 3.2.13)
      activesupport (= 3.2.13)
    activesupport (3.2.13)
      i18n (= 0.6.1)
      multi_json (~> 1.0)
    addressable (2.2.8)
    ansi (1.4.3)
    arel (3.0.2)
    backports (2.6.7)
    bcrypt-ruby (3.0.1)
    builder (3.0.4)
    capybara (2.1.0)
      mime-types (>= 1.16)
      nokogiri (>= 1.3.3)
      rack (>= 1.0.0)
      rack-test (>= 0.5.4)
      xpath (~> 2.0)
    coderay (1.0.9)
    cucumber (1.2.5)
      builder (>= 2.1.2)
      diff-lcs (>= 1.1.3)
      gherkin (~> 2.11.7)
      multi_json (~> 1.3)
    cucumber-rails (1.3.1)
      capybara (>= 1.1.2)
      cucumber (>= 1.2.0)
      nokogiri (>= 1.5.0)
      rails (~> 3.0)
    curb (0.8.3)
    daemons (1.1.9)
    data_objects (0.10.12)
      addressable (~> 2.1)
    database_cleaner (0.9.1)
    descendants_tracker (0.0.1)
    diff-lcs (1.2.3)
    do_sqlite3 (0.10.12)
      data_objects (= 0.10.12)
    erubis (2.7.0)
    eventmachine (1.0.3)
    factory_girl (4.2.0)
      activesupport (>= 3.0.0)
    factory_girl_rails (4.2.1)
      factory_girl (~> 4.2.0)
      railties (>= 3.0.0)
    fastercsv (1.5.5)
    ffi (1.7.0)
    formatador (0.2.4)
    gherkin (2.11.8)
      multi_json (~> 1.3)
    guard (1.7.0)
      formatador (>= 0.2.4)
      listen (>= 0.6.0)
      lumberjack (>= 1.0.2)
      pry (>= 0.9.10)
      thor (>= 0.14.6)
    guard-rspec (2.5.3)
      guard (>= 1.1)
      rspec (~> 2.11)
    hike (1.2.2)
    i18n (0.6.1)
    journey (1.0.4)
    json (1.7.7)
    listen (0.7.3)
    lumberjack (1.0.3)
    mail (2.5.3)
      i18n (>= 0.4.0)
      mime-types (~> 1.16)
      treetop (~> 1.4.8)
    method_source (0.8.1)
    mime-types (1.22)
    multi_json (1.3.7)
    nokogiri (1.5.9)
    polyglot (0.3.3)
    pry (0.9.12)
      coderay (~> 1.0.5)
      method_source (~> 0.8)
      slop (~> 3.4)
    rack (1.4.5)
    rack-cache (1.2)
      rack (>= 0.4)
    rack-ssl (1.3.3)
      rack
    rack-test (0.6.2)
      rack (>= 1.0)
    rails (3.2.13)
      actionmailer (= 3.2.13)
      actionpack (= 3.2.13)
      activerecord (= 3.2.13)
      activeresource (= 3.2.13)
      activesupport (= 3.2.13)
      bundler (~> 1.0)
      railties (= 3.2.13)
    rails-api (0.1.0)
      actionpack (>= 3.2.11)
      railties (>= 3.2.11)
      tzinfo (~> 0.3.31)
    railties (3.2.13)
      actionpack (= 3.2.13)
      activesupport (= 3.2.13)
      rack-ssl (~> 1.3.2)
      rake (>= 0.8.7)
      rdoc (~> 3.4)
      thor (>= 0.14.6, < 2.0)
    rake (10.0.4)
    randexp (0.1.7)
    rb-inotify (0.8.8)
      ffi (>= 0.5.0)
    rdoc (3.12.2)
      json (~> 1.4)
    rspec (2.13.0)
      rspec-core (~> 2.13.0)
      rspec-expectations (~> 2.13.0)
      rspec-mocks (~> 2.13.0)
    rspec-core (2.13.1)
    rspec-expectations (2.13.0)
      diff-lcs (>= 1.1.3, < 2.0)
    rspec-mocks (2.13.1)
    rspec-rails (2.13.0)
      actionpack (>= 3.0)
      activesupport (>= 3.0)
      railties (>= 3.0)
      rspec-core (~> 2.13.0)
      rspec-expectations (~> 2.13.0)
      rspec-mocks (~> 2.13.0)
    slop (3.4.4)
    spork (1.0.0rc3)
    spork-rails (3.2.1)
      rails (>= 3.0.0, < 3.3.0)
      spork (>= 1.0rc0)
    sprockets (2.2.2)
      hike (~> 1.2)
      multi_json (~> 1.0)
      rack (~> 1.0)
      tilt (~> 1.1, != 1.3.0)
    stringex (1.5.1)
    thin (1.5.1)
      daemons (>= 1.0.9)
      eventmachine (>= 0.12.6)
      rack (>= 1.0.0)
    thor (0.18.1)
    tilt (1.3.7)
    treetop (1.4.12)
      polyglot
      polyglot (>= 0.3.1)
    turn (0.9.6)
      ansi
    tzinfo (0.3.37)
    uuidtools (2.1.3)
    virtus (0.5.4)
      backports (~> 2.6.1)
      descendants_tracker (~> 0.0.1)
    wirble (0.1.3)
    xpath (2.0.0)
      nokogiri (~> 1.3)

PLATFORMS
  ruby

DEPENDENCIES
  capybara
  cucumber-rails
  curb
  database_cleaner
  dm-active_model!
  dm-core!
  dm-do-adapter!
  dm-migrations!
  dm-rails!
  dm-serializer!
  dm-sqlite-adapter!
  dm-sweatshop!
  dm-timestamps!
  dm-types!
  dm-validations!
  factory_girl_rails (~> 4.0)
  guard-rspec
  rails (~> 3.2.13)
  rails-api
  randexp
  rb-inotify (~> 0.8.8)
  rspec-rails (~> 2.13.0)
  spork-rails
  thin
  turn (~> 0.9.4)
  wirble
